PATH
  remote: .
  specs:
    etl (0.1.0)
      bunny
      influxdb
      mysql2
      sequel

GEM
  remote: https://rubygems.org/
  specs:
    activesupport (4.2.0)
      i18n (~> 0.7)
      json (~> 1.7, >= 1.7.7)
      minitest (~> 5.1)
      thread_safe (~> 0.3, >= 0.3.4)
      tzinfo (~> 1.1)
    amq-protocol (2.0.0)
    bunny (2.2.0)
      amq-protocol (>= 2.0.0)
    cause (0.1)
    diff-lcs (1.2.5)
    factory_girl (4.5.0)
      activesupport (>= 3.0.0)
    forgery (0.6.0)
    i18n (0.7.0)
    influxdb (0.2.3)
      cause
      json
    json (1.8.2)
    minitest (5.5.1)
    mysql2 (0.4.2)
    pg (0.18.0)
    rspec-core (3.3.1)
      rspec-support (~> 3.3.0)
    rspec-expectations (3.3.0)
      diff-lcs (>= 1.2.0, < 2.0)
      rspec-support (~> 3.3.0)
    rspec-mocks (3.3.1)
      diff-lcs (>= 1.2.0, < 2.0)
      rspec-support (~> 3.3.0)
    rspec-support (3.3.0)
    sequel (4.30.0)
    thread_safe (0.3.4)
    tzinfo (1.2.2)
      thread_safe (~> 0.1)

PLATFORMS
  ruby

DEPENDENCIES
  etl!
  factory_girl
  forgery
  pg
  rspec-core
  rspec-expectations
  rspec-mocks

BUNDLED WITH
   1.11.2
