PATH
  remote: .
  specs:
    etl (0.1.2)
      aws-sdk (>= 2.0, < 3.0)
      clamp
      diplomat
      influxdb
      mysql2
      pg
      ruby-odbc
      sequel
      slack-notifier
      terminal-table
      tzinfo
      tzinfo-data

GEM
  remote: https://rubygems.org/
  specs:
    activesupport (5.1.5)
      concurrent-ruby (~> 1.0, >= 1.0.2)
      i18n (~> 0.7)
      minitest (~> 5.1)
      tzinfo (~> 1.1)
    amq-protocol (2.3.0)
    aws-sdk (2.11.5)
      aws-sdk-resources (= 2.11.5)
    aws-sdk-core (2.11.5)
      aws-sigv4 (~> 1.0)
      jmespath (~> 1.0)
    aws-sdk-resources (2.11.5)
      aws-sdk-core (= 2.11.5)
    aws-sigv4 (1.0.2)
    bunny (2.9.2)
      amq-protocol (~> 2.3.0)
    clamp (1.2.1)
    concurrent-ruby (1.0.5)
    diff-lcs (1.3)
    diplomat (2.0.2)
      faraday (~> 0.9)
      json
    factory_girl (4.9.0)
      activesupport (>= 3.0.0)
    faraday (0.14.0)
      multipart-post (>= 1.2, < 3)
    forgery (0.7.0)
    i18n (0.9.5)
      concurrent-ruby (~> 1.0)
    influxdb (0.5.3)
    jmespath (1.3.1)
    json (2.1.0)
    minitest (5.11.3)
    multipart-post (2.0.0)
    mysql2 (0.4.10)
    pg (1.0.0)
    rspec-core (3.7.1)
      rspec-support (~> 3.7.0)
    rspec-expectations (3.7.0)
      diff-lcs (>= 1.2.0, < 2.0)
      rspec-support (~> 3.7.0)
    rspec-mocks (3.7.0)
      diff-lcs (>= 1.2.0, < 2.0)
      rspec-support (~> 3.7.0)
    rspec-support (3.7.1)
    ruby-odbc (0.99998)
    sequel (5.5.0)
    slack-notifier (2.3.2)
    terminal-table (1.8.0)
      unicode-display_width (~> 1.1, >= 1.1.1)
    thread_safe (0.3.6)
    time-warp (1.0.15)
    tzinfo (1.2.5)
      thread_safe (~> 0.1)
    tzinfo-data (1.2018.3)
      tzinfo (>= 1.0.0)
    unicode-display_width (1.3.0)

PLATFORMS
  ruby

DEPENDENCIES
  bunny
  etl!
  factory_girl
  forgery
  rspec-core
  rspec-expectations
  rspec-mocks
  time-warp

BUNDLED WITH
   1.16.0
